GIT
  remote: git://github.com/rawr/rawr.git
  revision: 9164e420e6802aafb52e30cab7f1f866e6334b18
  specs:
    rawr (1.6.4)

GEM
  remote: http://rubygems.org/
  specs:
    builder (3.0.0)
    diff-lcs (1.1.3)
    faker (1.1.2)
      i18n (~> 0.5)
    hoe (3.0.7)
      rake (~> 0.8)
    i18n (0.6.1)
    rake (0.9.2.2)
    rspec (2.12.0)
      rspec-core (~> 2.12.0)
      rspec-expectations (~> 2.12.0)
      rspec-mocks (~> 2.12.0)
    rspec-core (2.12.2)
    rspec-expectations (2.12.1)
      diff-lcs (~> 1.1.3)
    rspec-mocks (2.12.1)
    s4t-utils (1.0.4)
      hoe (>= 1.3.0)
    user-choices (1.1.6.1)
      builder (>= 2.1.2)
      s4t-utils (>= 1.0.3)
      xml-simple (>= 1.0.11)
    xml-simple (1.1.1)

PLATFORMS
  java
  ruby

DEPENDENCIES
  faker
  rake
  rawr (= 1.6.4)!
  rspec (= 2.12.0)
  user-choices
