PATH
  remote: .
  specs:
    http_parser.rb (0.5.3)

GEM
  remote: http://rubygems.org/
  specs:
    diff-lcs (1.1.2)
    json (2.3.0)
    rake (13.0.1)
    rake-compiler (0.7.9)
      rake
    rspec (2.4.0)
      rspec-core (~> 2.4.0)
      rspec-expectations (~> 2.4.0)
      rspec-mocks (~> 2.4.0)
    rspec-core (2.4.0)
    rspec-expectations (2.4.0)
      diff-lcs (~> 1.1.2)
    rspec-mocks (2.4.0)
    yajl-ruby (1.4.2)

PLATFORMS
  ruby

DEPENDENCIES
  http_parser.rb!
  json (>= 1.4.6)
  rake-compiler (>= 0.7.9)
  rspec (>= 2.0.1)
  yajl-ruby (>= 0.8.1)
